PATH
  remote: .
  specs:
    bigid_bgcheck (0.3.1)
      bigid_auth (~> 0.2)
      cpf_cnpj (~> 0.5, >= 0.5)
      i18n (~> 1.8, >= 1.0)
      json (>= 2.5, < 2.7)

GEM
  remote: https://rubygems.org/
  specs:
    activesupport (7.0.1)
      concurrent-ruby (~> 1.0, >= 1.0.2)
      i18n (>= 1.6, < 2)
      minitest (>= 5.1)
      tzinfo (~> 2.0)
    ast (2.4.2)
    bigid_auth (0.2.1)
      flash_integration (~> 0.1.0)
      i18n (>= 1.8, < 1.10)
      json (>= 2.5, < 2.7)
    coderay (1.1.3)
    concurrent-ruby (1.1.9)
    cpf_cnpj (0.5.0)
    diff-lcs (1.5.0)
    docile (1.4.0)
    factory_bot (6.2.0)
      activesupport (>= 5.0.0)
    faraday (1.4.3)
      faraday-em_http (~> 1.0)
      faraday-em_synchrony (~> 1.0)
      faraday-excon (~> 1.1)
      faraday-net_http (~> 1.0)
      faraday-net_http_persistent (~> 1.1)
      multipart-post (>= 1.2, < 3)
      ruby2_keywords (>= 0.0.4)
    faraday-em_http (1.0.0)
    faraday-em_synchrony (1.0.0)
    faraday-excon (1.1.0)
    faraday-net_http (1.0.1)
    faraday-net_http_persistent (1.2.0)
    flash_integration (0.1.0)
      faraday (~> 1.4.1, >= 1.0)
    i18n (1.9.1)
      concurrent-ruby (~> 1.0)
    json (2.6.1)
    method_source (1.0.0)
    minitest (5.15.0)
    multipart-post (2.1.1)
    parallel (1.21.0)
    parser (3.1.0.0)
      ast (~> 2.4.1)
    pry (0.14.1)
      coderay (~> 1.1)
      method_source (~> 1.0)
    rainbow (3.1.1)
    rake (13.0.6)
    regexp_parser (2.2.0)
    rexml (3.2.5)
    rspec (3.11.0)
      rspec-core (~> 3.11.0)
      rspec-expectations (~> 3.11.0)
      rspec-mocks (~> 3.11.0)
    rspec-core (3.11.0)
      rspec-support (~> 3.11.0)
    rspec-expectations (3.11.0)
      diff-lcs (>= 1.2.0, < 2.0)
      rspec-support (~> 3.11.0)
    rspec-mocks (3.11.0)
      diff-lcs (>= 1.2.0, < 2.0)
      rspec-support (~> 3.11.0)
    rspec-support (3.11.0)
    rubocop (1.25.0)
      parallel (~> 1.10)
      parser (>= 3.1.0.0)
      rainbow (>= 2.2.2, < 4.0)
      regexp_parser (>= 1.8, < 3.0)
      rexml
      rubocop-ast (>= 1.15.1, < 2.0)
      ruby-progressbar (~> 1.7)
      unicode-display_width (>= 1.4.0, < 3.0)
    rubocop-ast (1.15.1)
      parser (>= 3.0.1.1)
    rubocop-packaging (0.5.1)
      rubocop (>= 0.89, < 2.0)
    rubocop-performance (1.13.2)
      rubocop (>= 1.7.0, < 2.0)
      rubocop-ast (>= 0.4.0)
    ruby-progressbar (1.11.0)
    ruby2_keywords (0.0.5)
    simplecov (0.21.2)
      docile (~> 1.1)
      simplecov-html (~> 0.11)
      simplecov_json_formatter (~> 0.1)
    simplecov-html (0.12.3)
    simplecov-json (0.2.3)
      json
      simplecov
    simplecov_json_formatter (0.1.3)
    tzinfo (2.0.4)
      concurrent-ruby (~> 1.0)
    unicode-display_width (2.1.0)

PLATFORMS
  x86_64-linux

DEPENDENCIES
  bigid_bgcheck!
  bundler (>= 1.2)
  factory_bot (~> 6.2)
  pry (~> 0.14)
  rake (~> 13.0, >= 10.0.0)
  rspec (~> 3.10)
  rubocop (~> 1.25)
  rubocop-packaging (~> 0.5)
  rubocop-performance (~> 1.13)
  simplecov (~> 0.21)
  simplecov-json (~> 0.2)

BUNDLED WITH
   2.3.3
